GEM
  remote: https://rubygems.org/
  specs:
    csv (3.3.3)
    date (3.4.1)
    mail (2.8.1)
      mini_mime (>= 0.1.1)
      net-imap
      net-pop
      net-smtp
    mini_mime (1.1.5)
    net-imap (0.5.6)
      date
      net-protocol
    net-pop (0.1.2)
      net-protocol
    net-protocol (0.2.2)
      timeout
    net-smtp (0.5.1)
      net-protocol
    timeout (0.4.3)

PLATFORMS
  arm64-darwin-23
  ruby

DEPENDENCIES
  csv
  mail

BUNDLED WITH
   2.6.5
